GEM
  remote: http://rubygems.org/
  specs:
    ffi (1.1.5)
    ffi-rzmq (0.9.6)
      ffi
    json (1.7.4)
    macaddr (1.6.1)
      systemu (~> 2.5.0)
    serialport (1.1.0)
    systemu (2.5.2)

PLATFORMS
  ruby

DEPENDENCIES
  ffi-rzmq
  json
  macaddr
  serialport
